GEM
  remote: https://rubygems.org/
  specs:
    activemodel (3.2.13)
      activesupport (= 3.2.13)
      builder (~> 3.0.0)
    activerecord (3.2.13)
      activemodel (= 3.2.13)
      activesupport (= 3.2.13)
      arel (~> 3.0.2)
      tzinfo (~> 0.3.29)
    activesupport (3.2.13)
      i18n (= 0.6.1)
      multi_json (~> 1.0)
    arel (3.0.2)
    builder (3.0.4)
    capybara (2.0.2)
      mime-types (>= 1.16)
      nokogiri (>= 1.3.3)
      rack (>= 1.0.0)
      rack-test (>= 0.5.4)
      selenium-webdriver (~> 2.0)
      xpath (~> 1.0.0)
    childprocess (0.3.9)
      ffi (~> 1.0, >= 1.0.11)
    cmdparse (2.0.5)
    cucumber (1.2.5)
      builder (>= 2.1.2)
      diff-lcs (>= 1.1.3)
      gherkin (~> 2.11.7)
      multi_json (~> 1.3)
    data_magic (0.14)
      faker (>= 1.1.2)
      yml_reader (>= 0.2)
    diff-lcs (1.2.3)
    faker (1.1.2)
      i18n (~> 0.5)
    ffi (1.7.0)
    ffi (1.7.0-java)
    ffi (1.7.0-x86-mingw32)
    gherkin (2.11.8)
      multi_json (~> 1.3)
    gherkin (2.11.8-java)
      multi_json (~> 1.3)
    gherkin (2.11.8-x86-mingw32)
      multi_json (~> 1.3)
    highline (1.6.18)
    i18n (0.6.1)
    json (1.7.7)
    json (1.7.7-java)
    mime-types (1.22)
    multi_json (1.7.2)
    mysql2 (0.3.11)
    mysql2 (0.3.11-x86-mingw32)
    net-http-persistent (2.8)
    net-ssh (2.6.7)
    net-ssh-gateway (1.2.0)
      net-ssh (>= 2.6.5)
    nokogiri (1.5.9)
    nokogiri (1.5.9-java)
    nokogiri (1.5.9-x86-mingw32)
    page-object (0.8.9)
      page_navigation (>= 0.7)
      selenium-webdriver (>= 2.32.1)
      watir-webdriver (>= 0.6.3)
    page_navigation (0.7)
      data_magic (>= 0.14)
    rack (1.5.2)
    rack-test (0.6.2)
      rack (>= 1.0)
    rake (10.0.4)
    rest-client (1.6.7)
      mime-types (>= 1.16)
    rspec (2.13.0)
      rspec-core (~> 2.13.0)
      rspec-expectations (~> 2.13.0)
      rspec-mocks (~> 2.13.0)
    rspec-core (2.13.1)
    rspec-expectations (2.13.0)
      diff-lcs (>= 1.1.3, < 2.0)
    rspec-mocks (2.13.1)
    rubyzip (0.9.9)
    sauce (2.4.2)
      childprocess (>= 0.1.6)
      cmdparse (>= 2.0.2)
      highline (>= 1.5.0)
      json (>= 1.2.0)
      net-http-persistent
      net-ssh
      net-ssh-gateway
      rest-client
      selenium-webdriver (>= 0.1.2)
    sauce-connect (2.4.0)
      sauce (~> 2.4.0)
    sauce-cucumber (2.3.1)
      cucumber (>= 1.2.0)
      sauce (>= 2.3.0)
    selenium-webdriver (2.32.1)
      childprocess (>= 0.2.5)
      multi_json (~> 1.0)
      rubyzip
      websocket (~> 1.0.4)
    test-factory (0.2.4)
      watir-webdriver (>= 0.6.2)
    tzinfo (0.3.37)
    watir-webdriver (0.6.3)
      selenium-webdriver (>= 2.18.0)
    websocket (1.0.7)
    xpath (1.0.0)
      nokogiri (~> 1.3)
    yml_reader (0.2)

PLATFORMS
  java
  ruby
  x86-mingw32

DEPENDENCIES
  activerecord
  capybara (< 2.0.3)
  cucumber
  i18n (= 0.6.1)
  mysql2
  page-object
  rake
  rspec
  sauce-connect
  sauce-cucumber
  test-factory
  watir-webdriver
  xpath (~> 1.0.0)
